GEM
  remote: https://rubygems.org/
  specs:
    appium_console (1.0.1)
      appium_lib (>= 1.0.0)
      bond (~> 0.5.0)
      pry (~> 0.10.0)
      spec (>= 5.3.3)
    appium_lib (4.1.0)
      awesome_print (~> 1.2, >= 1.2.0)
      json (~> 1.8, >= 1.8.1)
      nokogiri (~> 1.6.1)
      selenium-webdriver (~> 2.41, >= 2.41.0)
      toml (~> 0.0, >= 0.0.4)
    awesome_print (1.2.0)
    blankslate (2.1.2.4)
    bond (0.5.1)
    childprocess (0.5.3)
      ffi (~> 1.0, >= 1.0.11)
    chronic_duration (0.10.5)
      numerizer (~> 0.1.1)
    coderay (1.1.0)
    data_magic (0.19)
      faker (>= 1.1.2)
      yml_reader (>= 0.3)
    faker (1.4.2)
      i18n (~> 0.5)
    ffi (1.9.3)
    flaky (0.1.1)
      chronic_duration (~> 0.10.2)
      posix-spawn (~> 0.3.6)
      toml (~> 0.1.1)
    i18n (0.6.11)
    json (1.8.1)
    method_source (0.8.2)
    mini_portile (0.6.0)
    multi_json (1.10.1)
    nokogiri (1.6.3.1)
      mini_portile (= 0.6.0)
    numerizer (0.1.1)
    page-object (0.9.8)
      page_navigation (>= 0.9)
      selenium-webdriver (>= 2.40.0)
      watir-webdriver (>= 0.6.8)
    page_navigation (0.9)
      data_magic (>= 0.14)
    parslet (1.5.0)
      blankslate (~> 2.0)
    posix-spawn (0.3.9)
    pry (0.10.0)
      coderay (~> 1.1.0)
      method_source (~> 0.8.1)
      slop (~> 3.4)
    rubyzip (1.1.6)
    selenium-webdriver (2.42.0)
      childprocess (>= 0.5.0)
      multi_json (~> 1.0)
      rubyzip (~> 1.0)
      websocket (~> 1.0.4)
    slop (3.6.0)
    spec (5.3.4)
      chronic_duration (~> 0.10.2)
    test_runner (0.9.37)
      appium_console (>= 0.5.9)
      appium_lib (>= 0.24.1)
      flaky (>= 0.0.31)
      spec (>= 5.3.3)
    toml (0.1.1)
      parslet (~> 1.5.0)
    watir-webdriver (0.6.10)
      selenium-webdriver (>= 2.18.0)
    websocket (1.0.7)
    yml_reader (0.3)

PLATFORMS
  ruby

DEPENDENCIES
  page-object (~> 0.9.4)
  test_runner (>= 0.9.37)
