GEM
  remote: https://rubygems.org/
  specs:
    appium_console (0.5.9)
      appium_lib (>= 0.6.3)
      bond (~> 0.5.0)
      pry (~> 0.9.12.5)
      spec (~> 5.0.19)
    appium_lib (0.24.1)
      awesome_print (~> 1.2, >= 1.2.0)
      json (~> 1.8, >= 1.8.1)
      posix-spawn (~> 0.3, >= 0.3.8)
      selenium-webdriver (~> 2.39, >= 2.39.0)
      toml (~> 0.0, >= 0.0.4)
    awesome_print (1.2.0)
    blankslate (2.1.2.4)
    bond (0.5.1)
    childprocess (0.5.2)
      ffi (~> 1.0, >= 1.0.11)
    chronic_duration (0.10.4)
      numerizer (~> 0.1.1)
    coderay (1.1.0)
    data_magic (0.18)
      faker (>= 1.1.2)
      yml_reader (>= 0.2)
    faker (1.3.0)
      i18n (~> 0.5)
    ffi (1.9.3)
    flaky (0.0.31)
      chronic_duration (~> 0.10.2)
      posix-spawn (~> 0.3.6)
    i18n (0.6.9)
    json (1.8.1)
    method_source (0.8.2)
    multi_json (1.9.2)
    numerizer (0.1.1)
    page-object (0.9.8)
      page_navigation (>= 0.9)
      selenium-webdriver (>= 2.40.0)
      watir-webdriver (>= 0.6.8)
    page_navigation (0.9)
      data_magic (>= 0.14)
    parslet (1.5.0)
      blankslate (~> 2.0)
    posix-spawn (0.3.8)
    pry (0.9.12.6)
      coderay (~> 1.0)
      method_source (~> 0.8)
      slop (~> 3.4)
    rubyzip (1.1.2)
    selenium-webdriver (2.41.0)
      childprocess (>= 0.5.0)
      multi_json (~> 1.0)
      rubyzip (~> 1.0)
      websocket (~> 1.0.4)
    slop (3.5.0)
    spec (5.0.19)
      chronic_duration (~> 0.10.2)
    test_runner (0.9.37)
      appium_console (>= 0.5.8)
      appium_lib (>= 0.17.0)
      flaky (>= 0.0.28)
      spec (>= 5.0.19)
    toml (0.1.1)
      parslet (~> 1.5.0)
    watir-webdriver (0.6.8)
      selenium-webdriver (>= 2.18.0)
    websocket (1.0.7)
    yml_reader (0.2)

PLATFORMS
  ruby

DEPENDENCIES
  page-object (~> 0.9.4)
  test_runner (>= 0.9.37)
